GIT
  remote: https://github.com/deafbybeheading/attr_secure
  revision: 09366b23ea1a8a9845feff2ba8164136eb984596
  branch: fernet-2.0-support-empty-values
  specs:
    attr_secure (0.2.0)
      fernet (~> 2.0.rc1)

GEM
  remote: https://rubygems.org/
  specs:
    activesupport (4.1.5)
      i18n (~> 0.6, >= 0.6.9)
      json (~> 1.7, >= 1.7.7)
      minitest (~> 5.1)
      thread_safe (~> 0.1)
      tzinfo (~> 1.1)
    aws-sdk-core (2.0.13)
      builder (~> 3.0)
      jmespath (~> 1.0)
      multi_json (~> 1.0)
      multi_xml (~> 0.5)
    backports (3.6.0)
    bcrypt (3.1.7)
    builder (3.2.2)
    byebug (2.7.0)
      columnize (~> 0.3)
      debugger-linecache (~> 1.2)
    celluloid (0.15.2)
      timers (~> 1.1.0)
    clockwork (0.7.7)
      activesupport
      tzinfo
    coderay (1.1.0)
    columnize (0.8.9)
    committee (1.5.0)
      json_schema (~> 0.1)
      multi_json (~> 1.10)
      rack (~> 1.5)
    database_cleaner (1.2.0)
    debugger-linecache (1.2.0)
    diff-lcs (1.2.5)
    dotenv (0.7.0)
    erubis (2.7.0)
    excon (0.38.0)
    factory_girl (4.4.0)
      activesupport (>= 3.0.0)
    fernet (2.1)
      valcro (= 0.1)
    foreman (0.67.0)
      dotenv (~> 0.7.0)
      thor (~> 0.17.0)
    heroics (0.0.10)
      erubis (~> 2.7.0)
      excon
      moneta
      multi_json (>= 1.9.2)
      netrc
    http_accept (0.1.5)
    i18n (0.6.11)
    jmespath (1.0.2)
      multi_json (~> 1.0)
    json (1.8.1)
    json_schema (0.2.0)
    lpxc (0.0.8)
    method_source (0.8.2)
    mime-types (1.25.1)
    minitest (5.4.1)
    moneta (0.8.0)
    multi_json (1.10.1)
    multi_xml (0.5.5)
    netrc (0.7.7)
    oj (2.9.0)
    pg (0.17.1)
    pgversion (0.0.2)
    platform-api (0.2.0)
      heroics (~> 0.0.10)
    pliny (0.2.1)
      activesupport (~> 4.1, >= 4.1.0)
      http_accept (~> 0.1, >= 0.1.5)
      multi_json (~> 1.9, >= 1.9.3)
      pg (~> 0.17, >= 0.17.1)
      prmd (~> 0.1, >= 0.1.1)
      sequel (~> 4.9, >= 4.9.0)
      sinatra (~> 1.4, >= 1.4.5)
      sinatra-router (~> 0.2, >= 0.2.3)
    prmd (0.6.2)
      erubis (~> 2.7)
      json_schema (~> 0.1)
    pry (0.9.12.6)
      coderay (~> 1.0)
      method_source (~> 0.8)
      slop (~> 3.4)
    pry-byebug (1.3.2)
      byebug (~> 2.7)
      pry (~> 0.9.12)
    pry-doc (0.6.0)
      pry (~> 0.9)
      yard (~> 0.8)
    puma (2.8.2)
      rack (>= 1.1, < 2.0)
    rack (1.5.2)
    rack-protection (1.5.3)
      rack
    rack-ssl (1.4.1)
      rack
    rack-test (0.6.2)
      rack (>= 1.0)
    rake (10.3.1)
    rdoc (4.1.1)
      json (~> 1.4)
    rest-client (1.6.8)
      mime-types (~> 1.16)
      rdoc (>= 2.4.2)
    rollbar (0.12.20)
      multi_json (~> 1.3)
    rspec (3.0.0)
      rspec-core (~> 3.0.0)
      rspec-expectations (~> 3.0.0)
      rspec-mocks (~> 3.0.0)
    rspec-core (3.0.1)
      rspec-support (~> 3.0.0)
    rspec-expectations (3.0.1)
      diff-lcs (>= 1.2.0, < 2.0)
      rspec-support (~> 3.0.0)
    rspec-mocks (3.0.1)
      rspec-support (~> 3.0.0)
    rspec-support (3.0.0)
    sequel (4.14.0)
    sequel-paranoid (0.4.3)
      sequel
    sequel_pg (1.6.9)
      pg (>= 0.8.0)
      sequel (>= 3.39.0)
    sinatra (1.4.5)
      rack (~> 1.4)
      rack-protection (~> 1.4)
      tilt (~> 1.3, >= 1.3.4)
    sinatra-contrib (1.4.2)
      backports (>= 2.0)
      multi_json
      rack-protection
      rack-test
      sinatra (~> 1.4.0)
      tilt (~> 1.3)
    sinatra-router (0.2.3)
      sinatra (~> 1.4)
    slop (3.5.0)
    sucker_punch (1.0.5)
      celluloid (~> 0.15.2)
    thor (0.17.0)
    thread_safe (0.3.4)
    tilt (1.4.1)
    timers (1.1.0)
    tzinfo (1.2.2)
      thread_safe (~> 0.1)
    valcro (0.1)
    yard (0.8.7.4)

PLATFORMS
  ruby

DEPENDENCIES
  attr_secure!
  aws-sdk-core
  bcrypt
  clockwork
  committee
  database_cleaner
  factory_girl (~> 4.0)
  fernet
  foreman
  lpxc
  multi_json
  oj
  pg
  pgversion
  platform-api
  pliny
  pry
  pry-byebug
  pry-doc
  puma
  rack-ssl
  rack-test
  rake
  rest-client
  rollbar
  rspec
  sequel
  sequel-paranoid
  sequel_pg
  sinatra
  sinatra-contrib
  sinatra-router
  sucker_punch
